PATH
  remote: .
  specs:
    ruby_nats (0.1.0)

GEM
  remote: https://rubygems.org/
  specs:
    minitest (5.9.0)
    rake (10.5.0)

PLATFORMS
  ruby

DEPENDENCIES
  bundler (~> 1.12)
  minitest (~> 5.0)
  rake (~> 10.0)
  ruby_nats!

BUNDLED WITH
   1.12.5
